PATH
  remote: .
  specs:
    cancer (0.0.1)
      grpc (~> 1.34.0)

GEM
  remote: https://rubygems.org/
  specs:
    google-protobuf (3.14.0)
    googleapis-common-protos-types (1.0.5)
      google-protobuf (~> 3.11)
    grpc (1.34.0)
      google-protobuf (~> 3.13)
      googleapis-common-protos-types (~> 1.0)
    rake (10.5.0)

PLATFORMS
  ruby

DEPENDENCIES
  bundler (~> 2.1.0)
  cancer!
  rake (~> 10.0)

BUNDLED WITH
   2.1.4
